GEM
  remote: https://rubygems.org/
  specs:
    ast (2.4.2)
    bugsnag (6.24.2)
      concurrent-ruby (~> 1.0)
    concurrent-ruby (1.1.10)
    ffi (1.15.5)
    liquid (5.3.0)
    listen (3.7.1)
      rb-fsevent (~> 0.10, >= 0.10.3)
      rb-inotify (~> 0.9, >= 0.9.10)
    nokogiri (1.13.5-arm64-darwin)
      racc (~> 1.4)
    parser (3.1.2.0)
      ast (~> 2.4.1)
    racc (1.6.0)
    rb-fsevent (0.11.1)
    rb-inotify (0.10.1)
      ffi (~> 1.0)
    shopify-cli (2.16.1)
      bugsnag (~> 6.22)
      listen (~> 3.7.0)
      theme-check (~> 1.10.1)
    theme-check (1.10.2)
      liquid (>= 5.1.0)
      nokogiri (>= 1.12)
      parser (~> 3)

PLATFORMS
  arm64-darwin-21

DEPENDENCIES
  shopify-cli

BUNDLED WITH
   2.3.10
